GEM
  remote: https://rubygems.org/
  specs:
    anyway_config (2.7.1)
      ruby-next-core (~> 1.0)
    as-notifications (1.0.2)
    awesome_print (1.9.2)
    base64 (0.2.0)
    bigdecimal (3.1.9)
    concurrent-ruby (1.3.5)
    crass (1.0.6)
    date (3.4.1)
    declarative (0.0.20)
    diff-lcs (1.6.0)
    disposable (0.6.3)
      declarative (>= 0.0.9, < 1.0.0)
      representable (>= 3.1.1, < 4)
    dry-configurable (1.3.0)
      dry-core (~> 1.1)
      zeitwerk (~> 2.6)
    dry-core (1.1.0)
      concurrent-ruby (~> 1.0)
      logger
      zeitwerk (~> 2.6)
    dry-inflector (1.2.0)
    dry-initializer (3.2.0)
    dry-logic (1.6.0)
      bigdecimal
      concurrent-ruby (~> 1.0)
      dry-core (~> 1.1)
      zeitwerk (~> 2.6)
    dry-schema (1.14.1)
      concurrent-ruby (~> 1.0)
      dry-configurable (~> 1.0, >= 1.0.1)
      dry-core (~> 1.1)
      dry-initializer (~> 3.2)
      dry-logic (~> 1.5)
      dry-types (~> 1.8)
      zeitwerk (~> 2.6)
    dry-types (1.8.2)
      bigdecimal (~> 3.0)
      concurrent-ruby (~> 1.0)
      dry-core (~> 1.0)
      dry-inflector (~> 1.0)
      dry-logic (~> 1.4)
      zeitwerk (~> 2.6)
    dry-validation (1.11.1)
      concurrent-ruby (~> 1.0)
      dry-core (~> 1.1)
      dry-initializer (~> 3.2)
      dry-schema (~> 1.14)
      zeitwerk (~> 2.6)
    expgen (0.1.1)
      parslet
    haml (5.2.2)
      temple (>= 0.8.0)
      tilt
    i18n (1.14.7)
      concurrent-ruby (~> 1.0)
    json (2.10.1)
    jsonpath (1.1.5)
      multi_json
    logger (1.6.6)
    mini_portile2 (2.8.8)
    moments (0.3.0)
    multi_json (1.15.0)
    mustermann (3.0.3)
      ruby2_keywords (~> 0.0.1)
    mysql2 (0.5.6)
    nio4r (2.7.4)
    nokogiri (1.18.4)
      mini_portile2 (~> 2.8.2)
      racc (~> 1.4)
    pact-support (1.21.2)
      awesome_print (~> 1.9)
      diff-lcs (~> 1.5)
      expgen (~> 0.1)
      jsonpath (~> 1.0)
      rainbow (~> 3.1.1)
      string_pattern (~> 2.0)
    pact_broker (2.114.0)
      anyway_config (~> 2.1)
      dry-validation (~> 1.8)
      haml (~> 5.0)
      json (~> 2.3)
      moments (~> 0.2)
      pact-support (~> 1.21, >= 1.21.2)
      psych (~> 5.0)
      rack (~> 3.1, >= 3.1.11)
      rack-protection (~> 4.1)
      redcarpet (~> 3.5, >= 3.5.1)
      reform (~> 2.6)
      request_store (~> 1.5)
      roar (~> 1.1)
      sanitize (~> 6.0)
      semantic_logger (~> 4.11)
      semver2 (~> 3.4.2)
      sequel (~> 5.28)
      sucker_punch (~> 3.0)
      table_print (~> 1.5)
      webmachine (>= 2.0.0.beta, < 3.0)
      wisper (~> 2.0)
    padrino-core (0.16.0.pre3)
      padrino-support (= 0.16.0.pre3)
      rackup (~> 2.1)
      sinatra (~> 4)
      thor (~> 1.0)
    padrino-support (0.16.0.pre3)
    parslet (2.0.0)
    pg (1.5.9)
    psych (5.2.3)
      date
      stringio
    puma (6.6.0)
      nio4r (~> 2.0)
    racc (1.8.1)
    rack (3.1.12)
    rack-protection (4.1.1)
      base64 (>= 0.1.0)
      logger (>= 1.6.0)
      rack (>= 3.0.0, < 4)
    rack-session (2.1.0)
      base64 (>= 0.1.0)
      rack (>= 3.0.0)
    rackup (2.2.1)
      rack (>= 3)
    rainbow (3.1.1)
    rake (13.2.1)
    redcarpet (3.6.1)
    reform (2.6.2)
      disposable (>= 0.5.0, < 1.0.0)
      representable (>= 3.1.1, < 4)
      uber (< 0.2.0)
    regexp_parser (2.10.0)
    representable (3.2.0)
      declarative (< 0.1.0)
      trailblazer-option (>= 0.1.1, < 0.2.0)
      uber (< 0.2.0)
    request_store (1.7.0)
      rack (>= 1.4)
    roar (1.2.0)
      representable (~> 3.1)
    ruby-next-core (1.1.1)
    ruby2_keywords (0.0.5)
    sanitize (6.1.3)
      crass (~> 1.0.2)
      nokogiri (>= 1.12.0)
    semantic_logger (4.16.1)
      concurrent-ruby (~> 1.0)
    semver2 (3.4.2)
    sequel (5.90.0)
      bigdecimal
    sinatra (4.1.1)
      logger (>= 1.6.0)
      mustermann (~> 3.0)
      rack (>= 3.0.0, < 4)
      rack-protection (= 4.1.1)
      rack-session (>= 2.0.0, < 3)
      tilt (~> 2.0)
    sqlite3 (2.6.0)
      mini_portile2 (~> 2.8.0)
    string_pattern (2.3.0)
      regexp_parser (~> 2.5, >= 2.5.0)
    stringio (3.1.5)
    sucker_punch (3.2.0)
      concurrent-ruby (~> 1.0)
    table_print (1.5.7)
    temple (0.10.3)
    thor (1.3.2)
    tilt (2.6.0)
    trailblazer-option (0.1.2)
    uber (0.1.0)
    webmachine (2.0.1)
      as-notifications (>= 1.0.2, < 2.0)
      base64
      i18n (>= 0.4.0)
      multi_json
    wisper (2.0.1)
    zeitwerk (2.7.2)

PLATFORMS
  ruby

DEPENDENCIES
  mysql2 (~> 0.3)
  pact_broker
  padrino-core (>= 0.16.0.pre3)
  pg (~> 1.5)
  puma (~> 6.0)
  rake (~> 13.0)
  sinatra (~> 4.0)
  sqlite3 (~> 2.0)

BUNDLED WITH
   2.4.22
