GIT
  remote: https://github.com/pact-foundation/sucker_punch.git
  revision: 573ff03c5f689568efbb733ed2997728f0098d5a
  ref: fix/rename-is-singleton-class-method-2
  specs:
    sucker_punch (2.1.2)
      concurrent-ruby (~> 1.0)

GEM
  remote: https://rubygems.org/
  specs:
    anyway_config (2.4.0)
      ruby-next-core (>= 0.14.0)
    as-notifications (1.0.2)
    awesome_print (1.9.2)
    concurrent-ruby (1.2.2)
    crass (1.0.6)
    declarative (0.0.20)
    diff-lcs (1.5.0)
    disposable (0.6.3)
      declarative (>= 0.0.9, < 1.0.0)
      representable (>= 3.1.1, < 4)
    dry-configurable (1.0.1)
      dry-core (~> 1.0, < 2)
      zeitwerk (~> 2.6)
    dry-core (1.0.0)
      concurrent-ruby (~> 1.0)
      zeitwerk (~> 2.6)
    dry-inflector (1.0.0)
    dry-initializer (3.1.1)
    dry-logic (1.5.0)
      concurrent-ruby (~> 1.0)
      dry-core (~> 1.0, < 2)
      zeitwerk (~> 2.6)
    dry-schema (1.13.1)
      concurrent-ruby (~> 1.0)
      dry-configurable (~> 1.0, >= 1.0.1)
      dry-core (~> 1.0, < 2)
      dry-initializer (~> 3.0)
      dry-logic (>= 1.4, < 2)
      dry-types (>= 1.7, < 2)
      zeitwerk (~> 2.6)
    dry-types (1.7.1)
      concurrent-ruby (~> 1.0)
      dry-core (~> 1.0)
      dry-inflector (~> 1.0)
      dry-logic (~> 1.4)
      zeitwerk (~> 2.6)
    dry-validation (1.10.0)
      concurrent-ruby (~> 1.0)
      dry-core (~> 1.0, < 2)
      dry-initializer (~> 3.0)
      dry-schema (>= 1.12, < 2)
      zeitwerk (~> 2.6)
    expgen (0.1.1)
      parslet
    haml (5.2.2)
      temple (>= 0.8.0)
      tilt
    i18n (1.13.0)
      concurrent-ruby (~> 1.0)
    json (2.6.3)
    mini_portile2 (2.8.2)
    moments (0.2.0)
    multi_json (1.15.0)
    mustermann (2.0.2)
      ruby2_keywords (~> 0.0.1)
    mysql2 (0.5.5)
    nio4r (2.5.9)
    nokogiri (1.14.3)
      mini_portile2 (~> 2.8.0)
      racc (~> 1.4)
    pact-support (1.19.0)
      awesome_print (~> 1.9)
      diff-lcs (~> 1.4)
      expgen (~> 0.1)
      rainbow (~> 3.1.1)
    pact_broker (2.107.1)
      anyway_config (~> 2.1)
      dry-validation (~> 1.8)
      haml (~> 5.0)
      json (~> 2.3)
      moments (~> 0.2)
      pact-support (~> 1.16, >= 1.16.4)
      padrino-core (~> 0.14, >= 0.14.3)
      psych (~> 4.0)
      rack (~> 2.2, >= 2.2.3)
      rack-protection (>= 2.0.8.1, < 3.0)
      redcarpet (~> 3.5, >= 3.5.1)
      reform (~> 2.6)
      request_store (~> 1.5)
      roar (~> 1.1)
      sanitize (~> 6.0)
      semantic_logger (~> 4.11)
      semver2 (~> 3.4.2)
      sequel (~> 5.28)
      sinatra (>= 2.0.8.1, < 3.0)
      sucker_punch (~> 2.0)
      table_print (~> 1.5)
      webmachine (>= 2.0.0.beta, < 3.0)
      webrick (~> 1.8)
      wisper (~> 2.0)
    padrino-core (0.15.3)
      padrino-support (= 0.15.3)
      sinatra (>= 2.2.4)
      thor (~> 1.0)
    padrino-support (0.15.3)
    parslet (2.0.0)
    pg (1.5.3)
    psych (4.0.6)
      stringio
    puma (5.6.6)
      nio4r (~> 2.0)
    racc (1.6.2)
    rack (2.2.7)
    rack-protection (2.2.4)
      rack
    rainbow (3.1.1)
    rake (13.0.6)
    redcarpet (3.6.0)
    reform (2.6.2)
      disposable (>= 0.5.0, < 1.0.0)
      representable (>= 3.1.1, < 4)
      uber (< 0.2.0)
    representable (3.2.0)
      declarative (< 0.1.0)
      trailblazer-option (>= 0.1.1, < 0.2.0)
      uber (< 0.2.0)
    request_store (1.5.1)
      rack (>= 1.4)
    roar (1.2.0)
      representable (~> 3.1)
    ruby-next-core (0.15.3)
    ruby2_keywords (0.0.5)
    sanitize (6.0.1)
      crass (~> 1.0.2)
      nokogiri (>= 1.12.0)
    semantic_logger (4.13.0)
      concurrent-ruby (~> 1.0)
    semver2 (3.4.2)
    sequel (5.68.0)
    sinatra (2.2.4)
      mustermann (~> 2.0)
      rack (~> 2.2)
      rack-protection (= 2.2.4)
      tilt (~> 2.0)
    sqlite3 (1.6.2)
      mini_portile2 (~> 2.8.0)
    stringio (3.0.6)
    table_print (1.5.7)
    temple (0.10.0)
    thor (1.2.1)
    tilt (2.1.0)
    trailblazer-option (0.1.2)
    uber (0.1.0)
    webmachine (2.0.0)
      as-notifications (>= 1.0.2, < 2.0)
      i18n (>= 0.4.0)
      multi_json
    webrick (1.8.1)
    wisper (2.0.1)
    zeitwerk (2.6.8)

PLATFORMS
  ruby

DEPENDENCIES
  mysql2 (~> 0.3)
  pact_broker
  pg (~> 1.4)
  puma (~> 5.6)
  rake (~> 13.0)
  sqlite3 (~> 1.6)
  sucker_punch!

BUNDLED WITH
   2.4.12
