GEM
  remote: https://rubygems.org/
  specs:
    anyway_config (2.3.1)
      ruby-next-core (>= 0.14.0)
    as-notifications (1.0.2)
    awesome_print (1.9.2)
    concurrent-ruby (1.2.2)
    crass (1.0.6)
    declarative (0.0.20)
    declarative-builder (0.1.0)
      declarative-option (< 0.2.0)
    declarative-option (0.1.0)
    diff-lcs (1.5.0)
    disposable (0.4.7)
      declarative (>= 0.0.9, < 1.0.0)
      declarative-builder (< 0.2.0)
      declarative-option (< 0.2.0)
      representable (>= 2.4.0, <= 3.1.0)
      uber (< 0.2.0)
    dry-configurable (0.12.1)
      concurrent-ruby (~> 1.0)
      dry-core (~> 0.5, >= 0.5.0)
    dry-container (0.8.0)
      concurrent-ruby (~> 1.0)
      dry-configurable (~> 0.1, >= 0.1.3)
    dry-core (0.9.1)
      concurrent-ruby (~> 1.0)
      zeitwerk (~> 2.6)
    dry-equalizer (0.3.0)
    dry-logic (0.4.2)
      dry-container (~> 0.2, >= 0.2.6)
      dry-core (~> 0.2)
      dry-equalizer (~> 0.2)
    dry-types (0.10.3)
      concurrent-ruby (~> 1.0)
      dry-configurable (~> 0.1)
      dry-container (~> 0.3)
      dry-core (~> 0.2, >= 0.2.1)
      dry-equalizer (~> 0.2)
      dry-logic (~> 0.4, >= 0.4.0)
      inflecto (~> 0.0.0, >= 0.0.2)
    dry-validation (0.10.7)
      concurrent-ruby (~> 1.0)
      dry-configurable (~> 0.1, >= 0.1.3)
      dry-core (~> 0.2, >= 0.2.1)
      dry-equalizer (~> 0.2)
      dry-logic (~> 0.4, >= 0.4.0)
      dry-types (~> 0.9, >= 0.9.0)
    expgen (0.1.1)
      parslet
    haml (5.2.2)
      temple (>= 0.8.0)
      tilt
    i18n (1.12.0)
      concurrent-ruby (~> 1.0)
    inflecto (0.0.2)
    json (2.6.3)
    mini_portile2 (2.8.1)
    multi_json (1.15.0)
    mustermann (2.0.2)
      ruby2_keywords (~> 0.0.1)
    mysql2 (0.5.5)
    nio4r (2.5.8)
    nokogiri (1.14.2)
      mini_portile2 (~> 2.8.0)
      racc (~> 1.4)
    pact-support (1.19.0)
      awesome_print (~> 1.9)
      diff-lcs (~> 1.4)
      expgen (~> 0.1)
      rainbow (~> 3.1.1)
    pact_broker (2.106.0)
      anyway_config (~> 2.1)
      dry-configurable (= 0.12.1)
      dry-container (= 0.8.0)
      dry-logic (= 0.4.2)
      dry-types (~> 0.10.3)
      dry-validation (~> 0.10.5)
      haml (~> 5.0)
      json (~> 2.3)
      pact-support (~> 1.16, >= 1.16.4)
      padrino-core (~> 0.14, >= 0.14.3)
      rack (~> 2.2, >= 2.2.3)
      rack-protection (>= 2.0.8.1, < 3.0)
      redcarpet (~> 3.5, >= 3.5.1)
      reform (~> 2.3.3)
      request_store (~> 1.5)
      roar (~> 1.1)
      sanitize (~> 6.0)
      semantic_logger (~> 4.11)
      semver2 (~> 3.4.2)
      sequel (~> 5.28)
      sinatra (>= 2.0.8.1, < 3.0)
      sucker_punch (~> 2.0)
      table_print (~> 1.5)
      webmachine (= 1.6.0)
      wisper (~> 2.0)
    padrino-core (0.15.3)
      padrino-support (= 0.15.3)
      sinatra (>= 2.2.4)
      thor (~> 1.0)
    padrino-support (0.15.3)
    parslet (2.0.0)
    pg (1.4.6)
    puma (5.6.5)
      nio4r (~> 2.0)
    racc (1.6.2)
    rack (2.2.6.4)
    rack-protection (2.2.4)
      rack
    rainbow (3.1.1)
    rake (13.0.6)
    redcarpet (3.6.0)
    reform (2.3.3)
      disposable (>= 0.4.2, < 0.5.0)
      representable (>= 2.4.0, < 3.1.0)
      uber (< 0.2.0)
    representable (3.0.4)
      declarative (< 0.1.0)
      declarative-option (< 0.2.0)
      uber (< 0.2.0)
    request_store (1.5.1)
      rack (>= 1.4)
    roar (1.1.1)
      representable (~> 3.0)
    ruby-next-core (0.15.3)
    ruby2_keywords (0.0.5)
    sanitize (6.0.1)
      crass (~> 1.0.2)
      nokogiri (>= 1.12.0)
    semantic_logger (4.12.0)
      concurrent-ruby (~> 1.0)
    semver2 (3.4.2)
    sequel (5.66.0)
    sinatra (2.2.4)
      mustermann (~> 2.0)
      rack (~> 2.2)
      rack-protection (= 2.2.4)
      tilt (~> 2.0)
    sqlite3 (1.6.1)
      mini_portile2 (~> 2.8.0)
    sucker_punch (2.1.2)
      concurrent-ruby (~> 1.0)
    table_print (1.5.7)
    temple (0.10.0)
    thor (1.2.1)
    tilt (2.1.0)
    uber (0.1.0)
    webmachine (1.6.0)
      as-notifications (~> 1.0)
      i18n (>= 0.4.0)
      multi_json
    webrick (1.8.1)
    wisper (2.0.1)
    zeitwerk (2.6.7)

PLATFORMS
  ruby

DEPENDENCIES
  mysql2 (~> 0.3)
  pact_broker
  pg (~> 1.4)
  puma (~> 5.6)
  rake (~> 13.0)
  sqlite3 (~> 1.6)
  webrick (~> 1.6)

BUNDLED WITH
   2.4.7
